GEM
  remote: http://rubygems.org/
  specs:
    crowd (0.5.3)
      hoe (>= 1.3.0)
      soap4r (> 0.0.0)
    daemons (1.1.4)
    eventmachine (0.12.10)
    hoe (2.12.3)
      rake (~> 0.8)
    httpclient (2.2.3)
    iniparse (1.1.4)
    json (1.6.1)
    rack (1.3.5)
    rack-protection (1.1.4)
      rack
    rake (0.9.2.2)
    sinatra (1.3.1)
      rack (~> 1.3, >= 1.3.4)
      rack-protection (~> 1.1, >= 1.1.2)
      tilt (~> 1.3, >= 1.3.3)
    sinatra-authorization (1.0.0)
      sinatra (>= 0.9.1.1)
    soap4r (1.5.8)
      httpclient (>= 2.1.1)
    thin (1.3.1)
      daemons (>= 1.0.9)
      eventmachine (>= 0.12.6)
      rack (>= 1.0.0)
    tilt (1.3.3)

PLATFORMS
  ruby

DEPENDENCIES
  crowd
  iniparse
  json
  sinatra (~> 1.3)
  sinatra-authorization
  thin
